GEM
  remote: https://rubygems.org/
  specs:
    avro (1.9.1)
      multi_json
    avro_turf (0.11.0)
      avro (>= 1.7.7, < 1.10)
      excon (~> 0.45)
    diff-lcs (1.3)
    digest-crc (0.4.1)
    excon (0.70.0)
    multi_json (1.14.1)
    rspec (3.9.0)
      rspec-core (~> 3.9.0)
      rspec-expectations (~> 3.9.0)
      rspec-mocks (~> 3.9.0)
    rspec-core (3.9.0)
      rspec-support (~> 3.9.0)
    rspec-expectations (3.9.0)
      diff-lcs (>= 1.2.0, < 2.0)
      rspec-support (~> 3.9.0)
    rspec-mocks (3.9.0)
      diff-lcs (>= 1.2.0, < 2.0)
      rspec-support (~> 3.9.0)
    rspec-support (3.9.0)
    ruby-kafka (0.7.10)
      digest-crc

PLATFORMS
  ruby

DEPENDENCIES
  avro_turf
  rspec
  ruby-kafka

BUNDLED WITH
   1.17.3
